GIT
  remote: https://github.com/bookwyrm/premailer
  revision: 176bebb15bdfc67d90fff36ad63f875043e2f2a7
  specs:
    premailer (1.7.3)
      css_parser (>= 1.1.9)
      htmlentities (>= 4.0.0)

GEM
  remote: http://rubygems.org/
  specs:
    addressable (2.3.2)
    css_parser (1.2.6)
      addressable
      rdoc
    htmlentities (4.3.1)
    i18n (0.6.1)
    json (1.7.6)
    mail (2.5.3)
      i18n (>= 0.4.0)
      mime-types (~> 1.16)
      treetop (~> 1.4.8)
    mime-types (1.19)
    nokogiri (1.5.6)
    polyglot (0.3.3)
    pony (1.4)
      mail (> 2.0)
    rake (0.9.2.2)
    rdoc (3.12)
      json (~> 1.4)
    treetop (1.4.12)
      polyglot
      polyglot (>= 0.3.1)

PLATFORMS
  ruby

DEPENDENCIES
  nokogiri
  pony
  premailer!
  rake
